PATH
  remote: .
  specs:
    marlin (0.0.2)
      foreman (~> 0.85.0)
      redis (~> 4.1.0)
      sinatra (~> 2.0.5)

GEM
  remote: https://rubygems.org/
  specs:
    foreman (0.85.0)
      thor (~> 0.19.1)
    mustermann (1.0.3)
    rack (2.0.6)
    rack-protection (2.0.5)
      rack
    redis (4.1.0)
    sinatra (2.0.5)
      mustermann (~> 1.0)
      rack (~> 2.0)
      rack-protection (= 2.0.5)
      tilt (~> 2.0)
    thor (0.19.4)
    tilt (2.0.9)

PLATFORMS
  ruby

DEPENDENCIES
  marlin!

BUNDLED WITH
   1.17.3
